PATH
  remote: .
  specs:
    madeleine (0.8.1.pre)

GEM
  remote: http://rubygems.org/
  specs:
    json (1.7.6)
    minitest (4.5.0)
    rake (10.0.3)
    rdoc (3.12)
      json (~> 1.4)

PLATFORMS
  ruby

DEPENDENCIES
  madeleine!
  minitest (~> 4.5.0)
  rake
  rdoc
