PATH
  remote: .
  specs:
    madeleine (0.10.0.pre)

GEM
  remote: http://rubygems.org/
  specs:
    json (1.8.1)
    minitest (5.1.0)
    rake (10.1.0)
    rdoc (4.0.1)
      json (~> 1.4)

PLATFORMS
  ruby

DEPENDENCIES
  madeleine!
  minitest
  rake
  rdoc
