PATH
  remote: .
  specs:
    madeleine (0.9.0.pre)

GEM
  remote: http://rubygems.org/
  specs:
    json (1.8.1)
    minitest (4.3.3)
    rake (10.1.0)
    rdoc (4.0.1)
      json (~> 1.4)

PLATFORMS
  ruby

DEPENDENCIES
  madeleine!
  minitest (~> 4.3.0)
  rake
  rdoc
