PATH
  remote: .
  specs:
    madeleine (0.9.0.pre)

GEM
  remote: http://rubygems.org/
  specs:
    json (1.7.5)
    minitest (4.3.3)
    rake (10.0.2)
    rdoc (3.12)
      json (~> 1.4)

PLATFORMS
  ruby

DEPENDENCIES
  madeleine!
  minitest (~> 4.3.0)
  rake
  rdoc
